PATH
  remote: .
  specs:
    browser-prof (1.2.6)
      ruby-prof

GEM
  remote: http://rubygems.org/
  specs:
    actionmailer (2.3.2)
      actionpack (= 2.3.2)
    actionpack (2.3.2)
      activesupport (= 2.3.2)
    activerecord (2.3.2)
      activesupport (= 2.3.2)
    activeresource (2.3.2)
      activesupport (= 2.3.2)
    activesupport (2.3.2)
    rails (2.3.2)
      actionmailer (= 2.3.2)
      actionpack (= 2.3.2)
      activerecord (= 2.3.2)
      activeresource (= 2.3.2)
      activesupport (= 2.3.2)
      rake (>= 0.8.3)
    rake (0.9.2.2)
    ruby-prof (0.10.8)
    sqlite3 (1.3.5)

PLATFORMS
  ruby

DEPENDENCIES
  browser-prof!
  rails (= 2.3.2)
  rake
  ruby-prof
  sqlite3
